ObjectType = Image
NDims = 3
BinaryData = True
BinaryDataByteOrderMSB = False
CompressedData = True
CompressedDataSize = 411566
TransformMatrix = 1 0 0 0 1 0 0 0 1
Offset = -167.66796875 -328.66796875 -344.39999999999998
CenterOfRotation = 0 0 0
AnatomicalOrientation = RAI
ElementSpacing = 0.6640625 0.6640625 1.7999999523162842
DimSize = 512 512 179
ElementType = MET_SHORT
ElementDataFile = 1.3.6.1.4.1.14519.5.2.1.6279.6001.671278273674156798801285503514.zraw
