ObjectType = Image
NDims = 3
BinaryData = True
BinaryDataByteOrderMSB = False
CompressedData = True
CompressedDataSize = 388128
TransformMatrix = 1 0 0 0 1 0 0 0 1
Offset = -207.449366 -94.873416899999995 -845.70001200000002
CenterOfRotation = 0 0 0
AnatomicalOrientation = RAI
ElementSpacing = 0.802734375 0.802734375 1
DimSize = 512 512 235
ElementType = MET_SHORT
ElementDataFile = 1.3.6.1.4.1.14519.5.2.1.6279.6001.897684031374557757145405000951.zraw
