ObjectType = Image
NDims = 3
BinaryData = True
BinaryDataByteOrderMSB = False
CompressedData = True
CompressedDataSize = 573073
TransformMatrix = 1 0 0 0 1 0 0 0 1
Offset = -162.66796874999997 -322.66796875 -325.30000000000001
CenterOfRotation = 0 0 0
AnatomicalOrientation = RAI
ElementSpacing = 0.6640625 0.6640625 1
DimSize = 512 512 327
ElementType = MET_SHORT
ElementDataFile = 1.3.6.1.4.1.14519.5.2.1.6279.6001.167661207884826429102690781600.zraw
