ObjectType = Image
NDims = 3
BinaryData = True
BinaryDataByteOrderMSB = False
CompressedData = True
CompressedDataSize = 371148
TransformMatrix = 1 0 0 0 1 0 0 0 1
Offset = -159.6875 -304.6875 -355.80000000000001
CenterOfRotation = 0 0 0
AnatomicalOrientation = RAI
ElementSpacing = 0.625 0.625 1.7999999523162842
DimSize = 512 512 182
ElementType = MET_SHORT
ElementDataFile = 1.3.6.1.4.1.14519.5.2.1.6279.6001.262736997975960398949912434623.zraw
