ObjectType = Image
NDims = 3
BinaryData = True
BinaryDataByteOrderMSB = False
CompressedData = True
CompressedDataSize = 274903
TransformMatrix = 1 0 0 0 1 0 0 0 1
Offset = -209.99999999999997 -209.99999999999997 -375.25
CenterOfRotation = 0 0 0
AnatomicalOrientation = RAI
ElementSpacing = 0.8203120231628418 0.8203120231628418 2.5
DimSize = 512 512 149
ElementType = MET_SHORT
ElementDataFile = 1.3.6.1.4.1.14519.5.2.1.6279.6001.138813197521718693188313387015.zraw
