ObjectType = Image
NDims = 3
BinaryData = True
BinaryDataByteOrderMSB = False
CompressedData = True
CompressedDataSize = 264377
TransformMatrix = 1 0 0 0 1 0 0 0 1
Offset = -173 -192 -367.5
CenterOfRotation = 0 0 0
AnatomicalOrientation = RAI
ElementSpacing = 0.75 0.75 2.5
DimSize = 512 512 139
ElementType = MET_SHORT
ElementDataFile = 1.3.6.1.4.1.14519.5.2.1.6279.6001.246178337114401749164850220976.zraw
