ObjectType = Image
NDims = 3
BinaryData = True
BinaryDataByteOrderMSB = False
CompressedData = True
CompressedDataSize = 465149
TransformMatrix = 1 0 0 0 1 0 0 0 1
Offset = -153.60000600000001 -167.199997 -295.70001200000002
CenterOfRotation = 0 0 0
AnatomicalOrientation = RAI
ElementSpacing = 0.6367189884185791 0.6367189884185791 1.25
DimSize = 512 512 225
ElementType = MET_SHORT
ElementDataFile = 1.3.6.1.4.1.14519.5.2.1.6279.6001.144943344795414353192059796098.zraw
