ObjectType = Image
NDims = 3
BinaryData = True
BinaryDataByteOrderMSB = False
CompressedData = True
CompressedDataSize = 270400
TransformMatrix = 1 0 0 0 1 0 0 0 1
Offset = -155.300003 -166.800003 -241.05999800000001
CenterOfRotation = 0 0 0
AnatomicalOrientation = RAI
ElementSpacing = 0.625 0.625 2
DimSize = 512 512 132
ElementType = MET_SHORT
ElementDataFile = 1.3.6.1.4.1.14519.5.2.1.6279.6001.814122498113547115932318256859.zraw
