ObjectType = Image
NDims = 3
BinaryData = True
BinaryDataByteOrderMSB = False
CompressedData = True
CompressedDataSize = 1426961
TransformMatrix = 1 0 0 0 1 0 0 0 1
Offset = -182.1552734375 -374.15527343750006 -368.5
CenterOfRotation = 0 0 0
AnatomicalOrientation = RAI
ElementSpacing = 0.689453125 0.689453125 0.5
DimSize = 512 512 636
ElementType = MET_SHORT
ElementDataFile = 1.3.6.1.4.1.14519.5.2.1.6279.6001.168037818448885856452592057286.zraw
