ObjectType = Image
NDims = 3
BinaryData = True
BinaryDataByteOrderMSB = False
CompressedData = True
CompressedDataSize = 605276
TransformMatrix = 1 0 0 0 1 0 0 0 1
Offset = -161.60000600000001 -171.50000000000003 -319.29501300000004
CenterOfRotation = 0 0 0
AnatomicalOrientation = RAI
ElementSpacing = 0.66992199420928955 0.66992199420928955 1.25
DimSize = 512 512 269
ElementType = MET_SHORT
ElementDataFile = 1.3.6.1.4.1.14519.5.2.1.6279.6001.167919147233131417984739058859.zraw
