ObjectType = Image
NDims = 3
BinaryData = True
BinaryDataByteOrderMSB = False
CompressedData = True
CompressedDataSize = 278975
TransformMatrix = 0.99999999999999989 0 0 0 0.99999999999999989 0 0 0 1
Offset = -193.30000300000003 -211.300003 -350
CenterOfRotation = 0 0 0
AnatomicalOrientation = RAI
ElementSpacing = 0.7734379768371582 0.7734379768371582 2.5
DimSize = 512 512 133
ElementType = MET_SHORT
ElementDataFile = 1.3.6.1.4.1.14519.5.2.1.6279.6001.152706273988004688708784163325.zraw
