ObjectType = Image
NDims = 3
BinaryData = True
BinaryDataByteOrderMSB = False
CompressedData = True
CompressedDataSize = 639341
TransformMatrix = 1 0 0 0 1 0 0 0 1
Offset = -187 10 -753.09997599999997
CenterOfRotation = 0 0 0
AnatomicalOrientation = RAI
ElementSpacing = 0.66796875 0.66796875 0.99999994039535522
DimSize = 512 512 371
ElementType = MET_SHORT
ElementDataFile = 1.3.6.1.4.1.14519.5.2.1.6279.6001.220596530836092324070084384692.zraw
