ObjectType = Image
NDims = 3
BinaryData = True
BinaryDataByteOrderMSB = False
CompressedData = True
CompressedDataSize = 956963
TransformMatrix = 1 0 0 0 1 0 0 0 1
Offset = -190.60000600000004 -225 -278.57000700000003
CenterOfRotation = 0 0 0
AnatomicalOrientation = RAI
ElementSpacing = 0.78125 0.78125 0.625
DimSize = 512 512 548
ElementType = MET_SHORT
ElementDataFile = 1.3.6.1.4.1.14519.5.2.1.6279.6001.250481236093201801255751845296.zraw
