ObjectType = Image
NDims = 3
BinaryData = True
BinaryDataByteOrderMSB = False
CompressedData = True
CompressedDataSize = 661089
TransformMatrix = 1 0 0 0 1 0 0 0 1
Offset = -178.50000000000003 -26.5 -435.99996900000002
CenterOfRotation = 0 0 0
AnatomicalOrientation = RAI
ElementSpacing = 0.642578125 0.642578125 0.99999988079071045
DimSize = 512 512 310
ElementType = MET_SHORT
ElementDataFile = 1.3.6.1.4.1.14519.5.2.1.6279.6001.443400977949406454649939526179.zraw
