ObjectType = Image
NDims = 3
BinaryData = True
BinaryDataByteOrderMSB = False
CompressedData = True
CompressedDataSize = 1184805
TransformMatrix = 1 0 0 0 1 0 0 0 1
Offset = -194.10000600000001 -166.5 -343.51998900000001
CenterOfRotation = 0 0 0
AnatomicalOrientation = RAI
ElementSpacing = 0.703125 0.703125 0.625
DimSize = 512 512 557
ElementType = MET_SHORT
ElementDataFile = 1.3.6.1.4.1.14519.5.2.1.6279.6001.922852847124879997825997808179.zraw
