ObjectType = Image
NDims = 3
BinaryData = True
BinaryDataByteOrderMSB = False
CompressedData = True
CompressedDataSize = 513335
TransformMatrix = 1 0 0 0 1 0 0 0 1
Offset = -157.89999399999999 -141.39999399999999 -328.75
CenterOfRotation = 0 0 0
AnatomicalOrientation = RAI
ElementSpacing = 0.625 0.625 1.25
DimSize = 512 512 264
ElementType = MET_SHORT
ElementDataFile = 1.3.6.1.4.1.14519.5.2.1.6279.6001.283878926524838648426928238498.zraw
