ObjectType = Image
NDims = 3
BinaryData = True
BinaryDataByteOrderMSB = False
CompressedData = True
CompressedDataSize = 1361760
TransformMatrix = 1 0 0 0 1 0 0 0 1
Offset = -157.00000000000003 3.9999999999999858 -275.55001800000002
CenterOfRotation = 0 0 0
AnatomicalOrientation = RAI
ElementSpacing = 0.60546875 0.60546875 0.45000001788139343
DimSize = 512 512 580
ElementType = MET_SHORT
ElementDataFile = 1.3.6.1.4.1.14519.5.2.1.6279.6001.397522780537301776672854630421.zraw
