ObjectType = Image
NDims = 3
BinaryData = True
BinaryDataByteOrderMSB = False
CompressedData = True
CompressedDataSize = 593069
TransformMatrix = 1 0 0 0 1 0 0 0 1
Offset = -165.81165100000001 41.071830700000007 -924.69995100000006
CenterOfRotation = 0 0 0
AnatomicalOrientation = RAI
ElementSpacing = 0.572265625 0.572265625 1
DimSize = 512 512 280
ElementType = MET_SHORT
ElementDataFile = 1.3.6.1.4.1.14519.5.2.1.6279.6001.141069661700670042960678408762.zraw
