ObjectType = Image
NDims = 3
BinaryData = True
BinaryDataByteOrderMSB = False
CompressedData = True
CompressedDataSize = 497405
TransformMatrix = 1 0 0 0 1 0 0 0 1
Offset = -218.09999999999999 -203.5 -350
CenterOfRotation = 0 0 0
AnatomicalOrientation = RAI
ElementSpacing = 0.83398401737213135 0.83398401737213135 1.25
DimSize = 512 512 245
ElementType = MET_SHORT
ElementDataFile = 1.3.6.1.4.1.14519.5.2.1.6279.6001.461155505515403114280165935891.zraw
