ObjectType = Image
NDims = 3
BinaryData = True
BinaryDataByteOrderMSB = False
CompressedData = True
CompressedDataSize = 293750
TransformMatrix = 1 0 0 0 1 0 0 0 1
Offset = -176.80000299999998 -165.89999399999999 -347.959991
CenterOfRotation = 0 0 0
AnatomicalOrientation = RAI
ElementSpacing = 0.65625 0.65625 2.5
DimSize = 512 512 132
ElementType = MET_SHORT
ElementDataFile = 1.3.6.1.4.1.14519.5.2.1.6279.6001.190937805243443708408459490152.zraw
