ObjectType = Image
NDims = 3
BinaryData = True
BinaryDataByteOrderMSB = False
CompressedData = True
CompressedDataSize = 582990
TransformMatrix = 1 0 0 0 1 0 0 0 1
Offset = -184.699997 -192.49999999999997 -430.75
CenterOfRotation = 0 0 0
AnatomicalOrientation = RAI
ElementSpacing = 0.75195300579071045 0.75195300579071045 1.25
DimSize = 512 512 301
ElementType = MET_SHORT
ElementDataFile = 1.3.6.1.4.1.14519.5.2.1.6279.6001.324567010179873305471925391582.zraw
