ObjectType = Image
NDims = 3
BinaryData = True
BinaryDataByteOrderMSB = False
CompressedData = True
CompressedDataSize = 1137083
TransformMatrix = 1 0 0 0 1 0 0 0 1
Offset = -160.69531000000001 -311.69531000000001 -390.5
CenterOfRotation = 0 0 0
AnatomicalOrientation = RAI
ElementSpacing = 0.609375 0.609375 0.69999998807907104
DimSize = 512 512 478
ElementType = MET_SHORT
ElementDataFile = 1.3.6.1.4.1.14519.5.2.1.6279.6001.164988920331211858091402361989.zraw
