ObjectType = Image
NDims = 3
BinaryData = True
BinaryDataByteOrderMSB = False
CompressedData = True
CompressedDataSize = 516515
TransformMatrix = 1 0 0 0 1 0 0 0 1
Offset = -138.716796875 -313.716796875 -354
CenterOfRotation = 0 0 0
AnatomicalOrientation = RAI
ElementSpacing = 0.56640625 0.56640625 1
DimSize = 512 512 250
ElementType = MET_SHORT
ElementDataFile = 1.3.6.1.4.1.14519.5.2.1.6279.6001.756684168227383088294595834066.zraw
