ObjectType = Image
NDims = 3
BinaryData = True
BinaryDataByteOrderMSB = False
CompressedData = True
CompressedDataSize = 327080
TransformMatrix = 1 0 0 0 1 0 0 0 1
Offset = -180.300003 -163.10000600000001 -291.16000400000001
CenterOfRotation = 0 0 0
AnatomicalOrientation = RAI
ElementSpacing = 0.7226560115814209 0.7226560115814209 2
DimSize = 512 512 158
ElementType = MET_SHORT
ElementDataFile = 1.3.6.1.4.1.14519.5.2.1.6279.6001.690929968028676628605553365896.zraw
