ObjectType = Image
NDims = 3
BinaryData = True
BinaryDataByteOrderMSB = False
CompressedData = True
CompressedDataSize = 511034
TransformMatrix = 1 0 0 0 1 0 0 0 1
Offset = -176.19999699999997 -191.80000299999998 -319.25
CenterOfRotation = 0 0 0
AnatomicalOrientation = RAI
ElementSpacing = 0.72070300579071045 0.72070300579071045 1.25
DimSize = 512 512 250
ElementType = MET_SHORT
ElementDataFile = 1.3.6.1.4.1.14519.5.2.1.6279.6001.199975006921901879512837687266.zraw
