ObjectType = Image
NDims = 3
BinaryData = True
BinaryDataByteOrderMSB = False
CompressedData = True
CompressedDataSize = 571053
TransformMatrix = 1 0 0 0 1 0 0 0 1
Offset = -169.5 -194.50000000000003 -361.25
CenterOfRotation = 0 0 0
AnatomicalOrientation = RAI
ElementSpacing = 0.7109379768371582 0.7109379768371582 1.25
DimSize = 512 512 278
ElementType = MET_SHORT
ElementDataFile = 1.3.6.1.4.1.14519.5.2.1.6279.6001.170052181746004939527661217512.zraw
