ObjectType = Image
NDims = 3
BinaryData = True
BinaryDataByteOrderMSB = False
CompressedData = True
CompressedDataSize = 499353
TransformMatrix = 1 0 0 0 1 0 0 0 1
Offset = -129.39999399999999 -81.500000000000014 -301.57000699999998
CenterOfRotation = 0 0 0
AnatomicalOrientation = RAI
ElementSpacing = 0.51367199420928955 0.51367199420928955 1.25
DimSize = 512 512 208
ElementType = MET_SHORT
ElementDataFile = 1.3.6.1.4.1.14519.5.2.1.6279.6001.193408384740507320589857096592.zraw
