ObjectType = Image
NDims = 3
BinaryData = True
BinaryDataByteOrderMSB = False
CompressedData = True
CompressedDataSize = 192702
TransformMatrix = 1 0 0 0 1 0 0 0 1
Offset = -200 -200 -345.25000000000006
CenterOfRotation = 0 0 0
AnatomicalOrientation = RAI
ElementSpacing = 0.78125 0.78125 2.5
DimSize = 512 512 137
ElementType = MET_SHORT
ElementDataFile = 1.3.6.1.4.1.14519.5.2.1.6279.6001.513023675145166449943177283490.zraw
