ObjectType = Image
NDims = 3
BinaryData = True
BinaryDataByteOrderMSB = False
CompressedData = True
CompressedDataSize = 377725
TransformMatrix = 1 0 0 0 1 0 0 0 1
Offset = -183.64843999999999 -338.64843999999999 -348.80000000000001
CenterOfRotation = 0 0 0
AnatomicalOrientation = RAI
ElementSpacing = 0.703125 0.703125 1.7999999523162842
DimSize = 512 512 187
ElementType = MET_SHORT
ElementDataFile = 1.3.6.1.4.1.14519.5.2.1.6279.6001.440226700369921575481834344455.zraw
