ObjectType = Image
NDims = 3
BinaryData = True
BinaryDataByteOrderMSB = False
CompressedData = True
CompressedDataSize = 239495
TransformMatrix = 1 0 0 0 1 0 0 0 1
Offset = -172.800003 -180 -330.5
CenterOfRotation = 0 0 0
AnatomicalOrientation = RAI
ElementSpacing = 0.703125 0.703125 2.5
DimSize = 512 512 125
ElementType = MET_SHORT
ElementDataFile = 1.3.6.1.4.1.14519.5.2.1.6279.6001.855232435861303786204450738044.zraw
