ObjectType = Image
NDims = 3
BinaryData = True
BinaryDataByteOrderMSB = False
CompressedData = True
CompressedDataSize = 978421
TransformMatrix = 1 0 0 0 1 0 0 0 1
Offset = -155.199997 -137 -274.67001300000004
CenterOfRotation = 0 0 0
AnatomicalOrientation = RAI
ElementSpacing = 0.5859379768371582 0.5859379768371582 0.625
DimSize = 512 512 461
ElementType = MET_SHORT
ElementDataFile = 1.3.6.1.4.1.14519.5.2.1.6279.6001.193964947698259739624715468431.zraw
