ObjectType = Image
NDims = 3
BinaryData = True
BinaryDataByteOrderMSB = False
CompressedData = True
CompressedDataSize = 255698
TransformMatrix = 1 0 0 0 1 0 0 0 1
Offset = -176.199997 -161.10000600000001 -323.20001200000002
CenterOfRotation = 0 0 0
AnatomicalOrientation = RAI
ElementSpacing = 0.6640620231628418 0.6640620231628418 2.5
DimSize = 512 512 122
ElementType = MET_SHORT
ElementDataFile = 1.3.6.1.4.1.14519.5.2.1.6279.6001.202476538079060560282495099956.zraw
