ObjectType = Image
NDims = 3
BinaryData = True
BinaryDataByteOrderMSB = False
CompressedData = True
CompressedDataSize = 581695
TransformMatrix = 1 0 0 0 1 0 0 0 1
Offset = -171.900938 -42.138687100000013 -675.5
CenterOfRotation = 0 0 0
AnatomicalOrientation = RAI
ElementSpacing = 0.662109375 0.662109375 1
DimSize = 512 512 300
ElementType = MET_SHORT
ElementDataFile = 1.3.6.1.4.1.14519.5.2.1.6279.6001.274052674198758621258447180130.zraw
