ObjectType = Image
NDims = 3
BinaryData = True
BinaryDataByteOrderMSB = False
CompressedData = True
CompressedDataSize = 1151077
TransformMatrix = 1 0 0 0 1 0 0 0 1
Offset = -139.73437999999999 -284.73437999999999 -314.5
CenterOfRotation = 0 0 0
AnatomicalOrientation = RAI
ElementSpacing = 0.53125 0.53125 0.69999998807907104
DimSize = 512 512 408
ElementType = MET_SHORT
ElementDataFile = 1.3.6.1.4.1.14519.5.2.1.6279.6001.842317928015463083368074520378.zraw
