ObjectType = Image
NDims = 3
BinaryData = True
BinaryDataByteOrderMSB = False
CompressedData = True
CompressedDataSize = 747843
TransformMatrix = 1 0 0 0 1 0 0 0 1
Offset = -170.757656 -42.300639199999985 -739.59997599999997
CenterOfRotation = 0 0 0
AnatomicalOrientation = RAI
ElementSpacing = 0.65234375 0.65234375 0.74999994039535522
DimSize = 512 512 525
ElementType = MET_SHORT
ElementDataFile = 1.3.6.1.4.1.14519.5.2.1.6279.6001.792381786708289670758399079830.zraw
