ObjectType = Image
NDims = 3
BinaryData = True
BinaryDataByteOrderMSB = False
CompressedData = True
CompressedDataSize = 210595
TransformMatrix = 1 0 0 0 1 0 0 0 1
Offset = -208.199997 -167 -357.25
CenterOfRotation = 0 0 0
AnatomicalOrientation = RAI
ElementSpacing = 0.78125 0.78125 2.5
DimSize = 512 512 137
ElementType = MET_SHORT
ElementDataFile = 1.3.6.1.4.1.14519.5.2.1.6279.6001.255999614855292116767517149228.zraw
