ObjectType = Image
NDims = 3
BinaryData = True
BinaryDataByteOrderMSB = False
CompressedData = True
CompressedDataSize = 375141
TransformMatrix = 1 0 0 0 1 0 0 0 1
Offset = -135 24.408602700000003 -632.20001200000002
CenterOfRotation = 0 0 0
AnatomicalOrientation = RAI
ElementSpacing = 0.5234375 0.5234375 1
DimSize = 512 512 200
ElementType = MET_SHORT
ElementDataFile = 1.3.6.1.4.1.14519.5.2.1.6279.6001.898642529028521482602829374444.zraw
