ObjectType = Image
NDims = 3
BinaryData = True
BinaryDataByteOrderMSB = False
CompressedData = True
CompressedDataSize = 986039
TransformMatrix = 1 0 0 0 1 0 0 0 1
Offset = -161.5 -160 -301.73001100000005
CenterOfRotation = 0 0 0
AnatomicalOrientation = RAI
ElementSpacing = 0.6835939884185791 0.6835939884185791 0.625
DimSize = 512 512 477
ElementType = MET_SHORT
ElementDataFile = 1.3.6.1.4.1.14519.5.2.1.6279.6001.259124675432205040899951626253.zraw
