ObjectType = Image
NDims = 3
BinaryData = True
BinaryDataByteOrderMSB = False
CompressedData = True
CompressedDataSize = 306978
TransformMatrix = 1 0 0 0 1 0 0 0 1
Offset = -180.10000600000001 -189.5 -266.31500199999999
CenterOfRotation = 0 0 0
AnatomicalOrientation = RAI
ElementSpacing = 0.6445310115814209 0.6445310115814209 2
DimSize = 512 512 152
ElementType = MET_SHORT
ElementDataFile = 1.3.6.1.4.1.14519.5.2.1.6279.6001.292049618819567427252971059233.zraw
