ObjectType = Image
NDims = 3
BinaryData = True
BinaryDataByteOrderMSB = False
CompressedData = True
CompressedDataSize = 389435
TransformMatrix = 1 0 0 0 1 0 0 0 1
Offset = -179.39999400000002 -174.60000600000001 -303.5
CenterOfRotation = 0 0 0
AnatomicalOrientation = RAI
ElementSpacing = 0.7421879768371582 0.7421879768371582 1.25
DimSize = 512 512 232
ElementType = MET_SHORT
ElementDataFile = 1.3.6.1.4.1.14519.5.2.1.6279.6001.114249388265341701207347458535.zraw
