ObjectType = Image
NDims = 3
BinaryData = True
BinaryDataByteOrderMSB = False
CompressedData = True
CompressedDataSize = 868456
TransformMatrix = 1 0 0 0 1 0 0 0 1
Offset = -188.39999399999996 -164.60000600000001 -265.625
CenterOfRotation = 0 0 0
AnatomicalOrientation = RAI
ElementSpacing = 0.7421879768371582 0.7421879768371582 0.625
DimSize = 512 512 426
ElementType = MET_SHORT
ElementDataFile = 1.3.6.1.4.1.14519.5.2.1.6279.6001.267519732763035023633235877753.zraw
