ObjectType = Image
NDims = 3
BinaryData = True
BinaryDataByteOrderMSB = False
CompressedData = True
CompressedDataSize = 298178
TransformMatrix = 1 0 0 0 1 0 0 0 1
Offset = -146.60000600000004 -154.39999400000002 -312.93499800000001
CenterOfRotation = 0 0 0
AnatomicalOrientation = RAI
ElementSpacing = 0.6640620231628418 0.6640620231628418 2
DimSize = 512 512 157
ElementType = MET_SHORT
ElementDataFile = 1.3.6.1.4.1.14519.5.2.1.6279.6001.144438612068946916340281098509.zraw
