ObjectType = Image
NDims = 3
BinaryData = True
BinaryDataByteOrderMSB = False
CompressedData = True
CompressedDataSize = 200748
TransformMatrix = 1 0 0 0 1 0 0 0 1
Offset = -268.90000000000003 -230 -276.50000000000006
CenterOfRotation = 0 0 0
AnatomicalOrientation = RAI
ElementSpacing = 0.8984379768371582 0.8984379768371582 2.5
DimSize = 512 512 117
ElementType = MET_SHORT
ElementDataFile = 1.3.6.1.4.1.14519.5.2.1.6279.6001.219618492426142913407827034169.zraw
