ObjectType = Image
NDims = 3
BinaryData = True
BinaryDataByteOrderMSB = False
CompressedData = True
CompressedDataSize = 271434
TransformMatrix = 1 0 0 0 1 0 0 0 1
Offset = -185.5 -170.39999399999999 -344.26998900000001
CenterOfRotation = 0 0 0
AnatomicalOrientation = RAI
ElementSpacing = 0.671875 0.671875 2.5
DimSize = 512 512 129
ElementType = MET_SHORT
ElementDataFile = 1.3.6.1.4.1.14519.5.2.1.6279.6001.153181766344026020914478182395.zraw
