ObjectType = Image
NDims = 3
BinaryData = True
BinaryDataByteOrderMSB = False
CompressedData = True
CompressedDataSize = 555257
TransformMatrix = 1 0 0 0 1 0 0 0 1
Offset = -172.69999700000002 -182.60000600000001 -358.19000199999999
CenterOfRotation = 0 0 0
AnatomicalOrientation = RAI
ElementSpacing = 0.703125 0.703125 1.25
DimSize = 512 512 267
ElementType = MET_SHORT
ElementDataFile = 1.3.6.1.4.1.14519.5.2.1.6279.6001.305887072264491016857673607285.zraw
