ObjectType = Image
NDims = 3
BinaryData = True
BinaryDataByteOrderMSB = False
CompressedData = True
CompressedDataSize = 524088
TransformMatrix = 1 0 0 0 1 0 0 0 1
Offset = -172.60000600000001 -210.199997 -349.39498900000001
CenterOfRotation = 0 0 0
AnatomicalOrientation = RAI
ElementSpacing = 0.75585901737213135 0.75585901737213135 1.25
DimSize = 512 512 276
ElementType = MET_SHORT
ElementDataFile = 1.3.6.1.4.1.14519.5.2.1.6279.6001.324649110927013926557500550446.zraw
