ObjectType = Image
NDims = 3
BinaryData = True
BinaryDataByteOrderMSB = False
CompressedData = True
CompressedDataSize = 257306
TransformMatrix = 1 0 0 0 1 0 0 0 1
Offset = -177.80000000000001 -150.80000000000001 -380.50000000000006
CenterOfRotation = 0 0 0
AnatomicalOrientation = RAI
ElementSpacing = 0.6640620231628418 0.6640620231628418 2.5
DimSize = 512 512 144
ElementType = MET_SHORT
ElementDataFile = 1.3.6.1.4.1.14519.5.2.1.6279.6001.121993590721161347818774929286.zraw
