ObjectType = Image
NDims = 3
BinaryData = True
BinaryDataByteOrderMSB = False
CompressedData = True
CompressedDataSize = 243125
TransformMatrix = 1 0 0 0 1 0 0 0 1
Offset = -161.60000599999998 -148.10000600000001 -337.48001099999999
CenterOfRotation = 0 0 0
AnatomicalOrientation = RAI
ElementSpacing = 0.61914098262786865 0.61914098262786865 2.5
DimSize = 512 512 128
ElementType = MET_SHORT
ElementDataFile = 1.3.6.1.4.1.14519.5.2.1.6279.6001.253283426904813468115158375647.zraw
