ObjectType = Image
NDims = 3
BinaryData = True
BinaryDataByteOrderMSB = False
CompressedData = True
CompressedDataSize = 1021346
TransformMatrix = 1 0 0 0 1 0 0 0 1
Offset = -190.49999999999997 -197.80000300000003 -300.92001299999998
CenterOfRotation = 0 0 0
AnatomicalOrientation = RAI
ElementSpacing = 0.7421879768371582 0.7421879768371582 0.625
DimSize = 512 512 503
ElementType = MET_SHORT
ElementDataFile = 1.3.6.1.4.1.14519.5.2.1.6279.6001.264251211689085893915477907261.zraw
