ObjectType = Image
NDims = 3
BinaryData = True
BinaryDataByteOrderMSB = False
CompressedData = True
CompressedDataSize = 658901
TransformMatrix = 1 0 0 0 1 0 0 0 1
Offset = -160.55859699999999 -42.285144799999998 -842.40002400000003
CenterOfRotation = 0 0 0
AnatomicalOrientation = RAI
ElementSpacing = 0.64453125 0.64453125 1
DimSize = 512 512 290
ElementType = MET_SHORT
ElementDataFile = 1.3.6.1.4.1.14519.5.2.1.6279.6001.266581250778073944645044950856.zraw
