ObjectType = Image
NDims = 3
BinaryData = True
BinaryDataByteOrderMSB = False
CompressedData = True
CompressedDataSize = 452540
TransformMatrix = 1 0 0 0 1 0 0 0 1
Offset = -164 -151 -317.63000499999998
CenterOfRotation = 0 0 0
AnatomicalOrientation = RAI
ElementSpacing = 0.63867199420928955 0.63867199420928955 1.25
DimSize = 512 512 240
ElementType = MET_SHORT
ElementDataFile = 1.3.6.1.4.1.14519.5.2.1.6279.6001.190144948425835566841437565646.zraw
