ObjectType = Image
NDims = 3
BinaryData = True
BinaryDataByteOrderMSB = False
CompressedData = True
CompressedDataSize = 334127
TransformMatrix = 1 0 0 0 1 0 0 0 1
Offset = -234.99999999999997 -220.00000000000003 -320
CenterOfRotation = 0 0 0
AnatomicalOrientation = RAI
ElementSpacing = 0.9179689884185791 0.9179689884185791 1.25
DimSize = 512 512 277
ElementType = MET_SHORT
ElementDataFile = 1.3.6.1.4.1.14519.5.2.1.6279.6001.225515255547637437801620523312.zraw
