ObjectType = Image
NDims = 3
BinaryData = True
BinaryDataByteOrderMSB = False
CompressedData = True
CompressedDataSize = 1652867
TransformMatrix = 0.99999999999999989 0 0 0 0.99999999999999989 0 0 0 1
Offset = -191.634765625 -342.634765625 -472
CenterOfRotation = 0 0 0
AnatomicalOrientation = RAI
ElementSpacing = 0.73046875 0.73046875 0.5
DimSize = 512 512 730
ElementType = MET_SHORT
ElementDataFile = 1.3.6.1.4.1.14519.5.2.1.6279.6001.146429221666426688999739595820.zraw
