ObjectType = Image
NDims = 3
BinaryData = True
BinaryDataByteOrderMSB = False
CompressedData = True
CompressedDataSize = 691867
TransformMatrix = 1 0 0 0 1 0 0 0 1
Offset = -142.70703125 -299.70703125 -344.60000000000002
CenterOfRotation = 0 0 0
AnatomicalOrientation = RAI
ElementSpacing = 0.5859375 0.5859375 1
DimSize = 512 512 338
ElementType = MET_SHORT
ElementDataFile = 1.3.6.1.4.1.14519.5.2.1.6279.6001.230416590143922549745658357505.zraw
