ObjectType = Image
NDims = 3
BinaryData = True
BinaryDataByteOrderMSB = False
CompressedData = True
CompressedDataSize = 303565
TransformMatrix = 1 0 0 0 1 0 0 0 1
Offset = -245 -190.60000600000001 -336.75
CenterOfRotation = 0 0 0
AnatomicalOrientation = RAI
ElementSpacing = 0.96289098262786865 0.96289098262786865 1.25
DimSize = 512 512 249
ElementType = MET_SHORT
ElementDataFile = 1.3.6.1.4.1.14519.5.2.1.6279.6001.803808126682275425758092691689.zraw
