ObjectType = Image
NDims = 3
BinaryData = True
BinaryDataByteOrderMSB = False
CompressedData = True
CompressedDataSize = 623852
TransformMatrix = 1 0 0 0 1 0 0 0 1
Offset = -161.663443 49.404241599999992 -818.30004899999994
CenterOfRotation = 0 0 0
AnatomicalOrientation = RAI
ElementSpacing = 0.54296875 0.54296875 1
DimSize = 512 512 350
ElementType = MET_SHORT
ElementDataFile = 1.3.6.1.4.1.14519.5.2.1.6279.6001.275849601663847251574860892603.zraw
