ObjectType = Image
NDims = 3
BinaryData = True
BinaryDataByteOrderMSB = False
CompressedData = True
CompressedDataSize = 236416
TransformMatrix = 1 0 0 0 1 0 0 0 1
Offset = -169.300003 -190 -342.88501000000002
CenterOfRotation = 0 0 0
AnatomicalOrientation = RAI
ElementSpacing = 0.7421879768371582 0.7421879768371582 2.5
DimSize = 512 512 133
ElementType = MET_SHORT
ElementDataFile = 1.3.6.1.4.1.14519.5.2.1.6279.6001.249404938669582150398726875826.zraw
