ObjectType = Image
NDims = 3
BinaryData = True
BinaryDataByteOrderMSB = False
CompressedData = True
CompressedDataSize = 482118
TransformMatrix = 1 0 0 0 1 0 0 0 1
Offset = -229.00000000000003 -215 -297.75000000000006
CenterOfRotation = 0 0 0
AnatomicalOrientation = RAI
ElementSpacing = 0.8984379768371582 0.8984379768371582 1.25
DimSize = 512 512 238
ElementType = MET_SHORT
ElementDataFile = 1.3.6.1.4.1.14519.5.2.1.6279.6001.316393351033132458296975008261.zraw
