ObjectType = Image
NDims = 3
BinaryData = True
BinaryDataByteOrderMSB = False
CompressedData = True
CompressedDataSize = 534016
TransformMatrix = 1 0 0 0 1 0 0 0 1
Offset = -185.39999399999999 -183.800003 -314.75
CenterOfRotation = 0 0 0
AnatomicalOrientation = RAI
ElementSpacing = 0.625 0.625 1.25
DimSize = 512 512 253
ElementType = MET_SHORT
ElementDataFile = 1.3.6.1.4.1.14519.5.2.1.6279.6001.111258527162678142285870245028.zraw
