ObjectType = Image
NDims = 3
BinaryData = True
BinaryDataByteOrderMSB = False
CompressedData = True
CompressedDataSize = 964822
TransformMatrix = 1 0 0 0 1 0 0 0 1
Offset = -177.89999399999999 -180 -292.30999800000001
CenterOfRotation = 0 0 0
AnatomicalOrientation = RAI
ElementSpacing = 0.703125 0.703125 0.625
DimSize = 512 512 487
ElementType = MET_SHORT
ElementDataFile = 1.3.6.1.4.1.14519.5.2.1.6279.6001.201890795870532056891161597218.zraw
