ObjectType = Image
NDims = 3
BinaryData = True
BinaryDataByteOrderMSB = False
CompressedData = True
CompressedDataSize = 668068
TransformMatrix = 1 0 0 0 1 0 0 0 1
Offset = -168.1884765625 -297.1884765625 37.5
CenterOfRotation = 0 0 0
AnatomicalOrientation = RAI
ElementSpacing = 0.623046875 0.623046875 1
DimSize = 512 512 368
ElementType = MET_SHORT
ElementDataFile = 1.3.6.1.4.1.14519.5.2.1.6279.6001.267957701183569638795986183786.zraw
