ObjectType = Image
NDims = 3
BinaryData = True
BinaryDataByteOrderMSB = False
CompressedData = True
CompressedDataSize = 581081
TransformMatrix = 1 0 0 0 1 0 0 0 1
Offset = -199.6484375 -355.6484375 -353.5
CenterOfRotation = 0 0 0
AnatomicalOrientation = RAI
ElementSpacing = 0.703125 0.703125 1
DimSize = 512 512 308
ElementType = MET_SHORT
ElementDataFile = 1.3.6.1.4.1.14519.5.2.1.6279.6001.187694838527128312070807533473.zraw
