ObjectType = Image
NDims = 3
BinaryData = True
BinaryDataByteOrderMSB = False
CompressedData = True
CompressedDataSize = 454251
TransformMatrix = 1 0 0 0 1 0 0 0 1
Offset = -159.6875 -351.68750000000006 -400.30000000000001
CenterOfRotation = 0 0 0
AnatomicalOrientation = RAI
ElementSpacing = 0.625 0.625 1.7999999523162842
DimSize = 512 512 197
ElementType = MET_SHORT
ElementDataFile = 1.3.6.1.4.1.14519.5.2.1.6279.6001.121824995088859376862458155637.zraw
