ObjectType = Image
NDims = 3
BinaryData = True
BinaryDataByteOrderMSB = False
CompressedData = True
CompressedDataSize = 268934
TransformMatrix = 1 0 0 0 1 0 0 0 1
Offset = -155.699997 -135.5 -345
CenterOfRotation = 0 0 0
AnatomicalOrientation = RAI
ElementSpacing = 0.56835901737213135 0.56835901737213135 2.5
DimSize = 512 512 123
ElementType = MET_SHORT
ElementDataFile = 1.3.6.1.4.1.14519.5.2.1.6279.6001.131150737314367975651717513386.zraw
