ObjectType = Image
NDims = 3
BinaryData = True
BinaryDataByteOrderMSB = False
CompressedData = True
CompressedDataSize = 559673
TransformMatrix = 0.99999999999999989 0 0 0 0.99999999999999989 0 0 0 1
Offset = -186.51210200000003 -74.180637400000009 -668.5
CenterOfRotation = 0 0 0
AnatomicalOrientation = RAI
ElementSpacing = 0.81640625 0.81640625 1
DimSize = 512 512 290
ElementType = MET_SHORT
ElementDataFile = 1.3.6.1.4.1.14519.5.2.1.6279.6001.199171741859530285887752432478.zraw
