ObjectType = Image
NDims = 3
BinaryData = True
BinaryDataByteOrderMSB = False
CompressedData = True
CompressedDataSize = 1054108
TransformMatrix = 1 0 0 0 1 0 0 0 1
Offset = -139.199997 -142.39999399999999 -285.02999899999998
CenterOfRotation = 0 0 0
AnatomicalOrientation = RAI
ElementSpacing = 0.625 0.625 0.625
DimSize = 512 512 477
ElementType = MET_SHORT
ElementDataFile = 1.3.6.1.4.1.14519.5.2.1.6279.6001.213022585153512920098588556742.zraw
