ObjectType = Image
NDims = 3
BinaryData = True
BinaryDataByteOrderMSB = False
CompressedData = True
CompressedDataSize = 977257
TransformMatrix = 1 0 0 0 1 0 0 0 1
Offset = -169.39999399999999 -140.199997 -297.58999600000004
CenterOfRotation = 0 0 0
AnatomicalOrientation = RAI
ElementSpacing = 0.625 0.625 0.625
DimSize = 512 512 484
ElementType = MET_SHORT
ElementDataFile = 1.3.6.1.4.1.14519.5.2.1.6279.6001.222087811960706096424718056430.zraw
