ObjectType = Image
NDims = 3
BinaryData = True
BinaryDataByteOrderMSB = False
CompressedData = True
CompressedDataSize = 249476
TransformMatrix = 1 0 0 0 1 0 0 0 1
Offset = -185 -205 -380.80999800000001
CenterOfRotation = 0 0 0
AnatomicalOrientation = RAI
ElementSpacing = 0.7226560115814209 0.7226560115814209 2.5
DimSize = 512 512 140
ElementType = MET_SHORT
ElementDataFile = 1.3.6.1.4.1.14519.5.2.1.6279.6001.139713436241461669335487719526.zraw
