ObjectType = Image
NDims = 3
BinaryData = True
BinaryDataByteOrderMSB = False
CompressedData = True
CompressedDataSize = 449569
TransformMatrix = 1 0 0 0 1 0 0 0 1
Offset = -143.7265625 -270.7265625 -383.60000000000002
CenterOfRotation = 0 0 0
AnatomicalOrientation = RAI
ElementSpacing = 0.546875 0.546875 1.7999999523162842
DimSize = 512 512 193
ElementType = MET_SHORT
ElementDataFile = 1.3.6.1.4.1.14519.5.2.1.6279.6001.249450003033735700817635168066.zraw
