ObjectType = Image
NDims = 3
BinaryData = True
BinaryDataByteOrderMSB = False
CompressedData = True
CompressedDataSize = 365431
TransformMatrix = 1 0 0 0 1 0 0 0 1
Offset = -170.5 -170 -298.01501500000001
CenterOfRotation = 0 0 0
AnatomicalOrientation = RAI
ElementSpacing = 0.6640620231628418 0.6640620231628418 2
DimSize = 512 512 161
ElementType = MET_SHORT
ElementDataFile = 1.3.6.1.4.1.14519.5.2.1.6279.6001.149463915556499304732434215056.zraw
