ObjectType = Image
NDims = 3
BinaryData = True
BinaryDataByteOrderMSB = False
CompressedData = True
CompressedDataSize = 247378
TransformMatrix = 1 0 0 0 1 0 0 0 1
Offset = -153.39999399999999 -170.00000000000003 -325.11999500000002
CenterOfRotation = 0 0 0
AnatomicalOrientation = RAI
ElementSpacing = 0.6640620231628418 0.6640620231628418 2.5
DimSize = 512 512 126
ElementType = MET_SHORT
ElementDataFile = 1.3.6.1.4.1.14519.5.2.1.6279.6001.100620385482151095585000946543.zraw
