ObjectType = Image
NDims = 3
BinaryData = True
BinaryDataByteOrderMSB = False
CompressedData = True
CompressedDataSize = 1006870
TransformMatrix = 1 0 0 0 1 0 0 0 1
Offset = -163.68359000000001 -318.68358999999998 -462.50000000000006
CenterOfRotation = 0 0 0
AnatomicalOrientation = RAI
ElementSpacing = 0.6328125 0.6328125 0.69999998807907104
DimSize = 512 512 455
ElementType = MET_SHORT
ElementDataFile = 1.3.6.1.4.1.14519.5.2.1.6279.6001.191266041369462391833537519639.zraw
