ObjectType = Image
NDims = 3
BinaryData = True
BinaryDataByteOrderMSB = False
CompressedData = True
CompressedDataSize = 969758
TransformMatrix = 1 0 0 0 1 0 0 0 1
Offset = -174 -37 -861.59997599999997
CenterOfRotation = 0 0 0
AnatomicalOrientation = RAI
ElementSpacing = 0.67578125 0.67578125 0.75
DimSize = 512 512 445
ElementType = MET_SHORT
ElementDataFile = 1.3.6.1.4.1.14519.5.2.1.6279.6001.179162671133894061547290922949.zraw
