ObjectType = Image
NDims = 3
BinaryData = True
BinaryDataByteOrderMSB = False
CompressedData = True
CompressedDataSize = 315191
TransformMatrix = 1 0 0 0 1 0 0 0 1
Offset = -124.7265625 -279.7265625 -343
CenterOfRotation = 0 0 0
AnatomicalOrientation = RAI
ElementSpacing = 0.546875 0.546875 1.7999999523162842
DimSize = 512 512 171
ElementType = MET_SHORT
ElementDataFile = 1.3.6.1.4.1.14519.5.2.1.6279.6001.300146276266881736689307479986.zraw
