ObjectType = Image
NDims = 3
BinaryData = True
BinaryDataByteOrderMSB = False
CompressedData = True
CompressedDataSize = 889514
TransformMatrix = 1 0 0 0 1 0 0 0 1
Offset = -137.74609375 -272.74609375 -355.10000000000002
CenterOfRotation = 0 0 0
AnatomicalOrientation = RAI
ElementSpacing = 0.5078125 0.5078125 1
DimSize = 512 512 348
ElementType = MET_SHORT
ElementDataFile = 1.3.6.1.4.1.14519.5.2.1.6279.6001.175318131822744218104175746898.zraw
