ObjectType = Image
NDims = 3
BinaryData = True
BinaryDataByteOrderMSB = False
CompressedData = True
CompressedDataSize = 454670
TransformMatrix = 1 0 0 0 1 0 0 0 1
Offset = -168.66797 -307.66796999999997 -405.80000000000001
CenterOfRotation = 0 0 0
AnatomicalOrientation = RAI
ElementSpacing = 0.6640625 0.6640625 1.7999999523162842
DimSize = 512 512 192
ElementType = MET_SHORT
ElementDataFile = 1.3.6.1.4.1.14519.5.2.1.6279.6001.130036599816889919308975074972.zraw
