ObjectType = Image
NDims = 3
BinaryData = True
BinaryDataByteOrderMSB = False
CompressedData = True
CompressedDataSize = 897531
TransformMatrix = 1 0 0 0 1 0 0 0 1
Offset = -151.10000600000001 -160 -265.67999300000002
CenterOfRotation = 0 0 0
AnatomicalOrientation = RAI
ElementSpacing = 0.625 0.625 0.625
DimSize = 512 512 401
ElementType = MET_SHORT
ElementDataFile = 1.3.6.1.4.1.14519.5.2.1.6279.6001.129567032250534530765928856531.zraw
