ObjectType = Image
NDims = 3
BinaryData = True
BinaryDataByteOrderMSB = False
CompressedData = True
CompressedDataSize = 555387
TransformMatrix = 1 0 0 0 1 0 0 0 1
Offset = -152.60000600000004 -175.39999400000002 -301.25
CenterOfRotation = 0 0 0
AnatomicalOrientation = RAI
ElementSpacing = 0.5859379768371582 0.5859379768371582 1.25
DimSize = 512 512 241
ElementType = MET_SHORT
ElementDataFile = 1.3.6.1.4.1.14519.5.2.1.6279.6001.276351267409869539593937734609.zraw
