ObjectType = Image
NDims = 3
BinaryData = True
BinaryDataByteOrderMSB = False
CompressedData = True
CompressedDataSize = 1183181
TransformMatrix = 1 0 0 0 1 0 0 0 1
Offset = -200.800003 -195.10000600000001 -295.17001299999998
CenterOfRotation = 0 0 0
AnatomicalOrientation = RAI
ElementSpacing = 0.703125 0.703125 0.625
DimSize = 512 512 522
ElementType = MET_SHORT
ElementDataFile = 1.3.6.1.4.1.14519.5.2.1.6279.6001.270788655216695628640355888562.zraw
