ObjectType = Image
NDims = 3
BinaryData = True
BinaryDataByteOrderMSB = False
CompressedData = True
CompressedDataSize = 427044
TransformMatrix = 1 0 0 0 1 0 0 0 1
Offset = -200 -200 -332.25
CenterOfRotation = 0 0 0
AnatomicalOrientation = RAI
ElementSpacing = 0.78125 0.78125 1.25
DimSize = 512 512 238
ElementType = MET_SHORT
ElementDataFile = 1.3.6.1.4.1.14519.5.2.1.6279.6001.249314567767437206995861966896.zraw
