ObjectType = Image
NDims = 3
BinaryData = True
BinaryDataByteOrderMSB = False
CompressedData = True
CompressedDataSize = 220089
TransformMatrix = 1 0 0 0 1 0 0 0 1
Offset = -206.5 -194.99999999999997 -366.48998999999998
CenterOfRotation = 0 0 0
AnatomicalOrientation = RAI
ElementSpacing = 0.7617189884185791 0.7617189884185791 2.5
DimSize = 512 512 120
ElementType = MET_SHORT
ElementDataFile = 1.3.6.1.4.1.14519.5.2.1.6279.6001.121805476976020513950614465787.zraw
