ObjectType = Image
NDims = 3
BinaryData = True
BinaryDataByteOrderMSB = False
CompressedData = True
CompressedDataSize = 261865
TransformMatrix = 1 0 0 0 1 0 0 0 1
Offset = -165 -165.00000000000003 -320.25000000000006
CenterOfRotation = 0 0 0
AnatomicalOrientation = RAI
ElementSpacing = 0.6445310115814209 0.6445310115814209 2.5
DimSize = 512 512 127
ElementType = MET_SHORT
ElementDataFile = 1.3.6.1.4.1.14519.5.2.1.6279.6001.254138388912084634057282064266.zraw
