ObjectType = Image
NDims = 3
BinaryData = True
BinaryDataByteOrderMSB = False
CompressedData = True
CompressedDataSize = 447677
TransformMatrix = 1 0 0 0 1 0 0 0 1
Offset = -179.39999399999999 -150.5 -376.5
CenterOfRotation = 0 0 0
AnatomicalOrientation = RAI
ElementSpacing = 0.74023401737213135 0.74023401737213135 1.25
DimSize = 512 512 273
ElementType = MET_SHORT
ElementDataFile = 1.3.6.1.4.1.14519.5.2.1.6279.6001.177685820605315926524514718990.zraw
