ObjectType = Image
NDims = 3
BinaryData = True
BinaryDataByteOrderMSB = False
CompressedData = True
CompressedDataSize = 953178
TransformMatrix = 1 0 0 0 1 0 0 0 0.99999999999999989
Offset = -183.60000600000001 -187.300003 -312.705017
CenterOfRotation = 0 0 0
AnatomicalOrientation = RAI
ElementSpacing = 0.703125 0.703125 0.62500005960464478
DimSize = 512 512 421
ElementType = MET_SHORT
ElementDataFile = 1.3.6.1.4.1.14519.5.2.1.6279.6001.323753921818102744511069914832.zraw
