ObjectType = Image
NDims = 3
BinaryData = True
BinaryDataByteOrderMSB = False
CompressedData = True
CompressedDataSize = 480584
TransformMatrix = 1 0 0 0 1 0 0 0 1
Offset = -210 18 -697.09997599999997
CenterOfRotation = 0 0 0
AnatomicalOrientation = RAI
ElementSpacing = 0.671875 0.671875 1
DimSize = 512 512 270
ElementType = MET_SHORT
ElementDataFile = 1.3.6.1.4.1.14519.5.2.1.6279.6001.226152078193253087875725735761.zraw
